GIT
  remote: https://github.com/OSEHRA/health-data-standards.git
  revision: 3bae84d9a4bc5682b44668525f7e90a3d6f82dda
  branch: mongoid5R2
  specs:
    health-data-standards (3.6.1)
      activesupport (~> 4.2.0)
      builder (~> 3.1)
      erubis (~> 2.7.0)
      highline (~> 1.7.0)
      log4r (~> 1.1.10)
      memoist (~> 0.9.1)
      mongoid (~> 5.0.0)
      mongoid-tree (~> 2.0.0)
      nokogiri (~> 1.6.8)
      protected_attributes (~> 1.0.5)
      rest-client (~> 1.8.0)
      rubyzip (>= 1.0.0)
      uuid (~> 2.3.7)
      zip-zip

GIT
  remote: https://github.com/OSEHRA/hqmf2js.git
  revision: a21c7ac1ac185becff6f99c5e9b23a0f730ecb76
  specs:
    hqmf2js (1.3.0)

GIT
  remote: https://github.com/OSEHRA/quality-measure-engine.git
  revision: 20b7d550354e99c577688366f230f859fa7aebb4
  branch: bump_mongoid-carias-adj
  specs:
    quality-measure-engine (3.1.2)
      delayed_job_mongoid (~> 2.2.0)
      mongoid (~> 5.0.0)
      rubyzip (>= 1.0.0)
      zip-zip

GIT
  remote: https://github.com/collectiveidea/delayed_job_mongoid
  revision: 6d51dcf52026bc701c2ee0809d079130924fa3a8
  tag: v2.2.0
  specs:
    delayed_job_mongoid (2.2.0)
      delayed_job (>= 3.0, < 5)
      mongoid (>= 3.0, < 6)
      mongoid-compatibility

GEM
  remote: https://rubygems.org/
  specs:
    actionmailer (4.2.8)
      actionpack (= 4.2.8)
      actionview (= 4.2.8)
      activejob (= 4.2.8)
      mail (~> 2.5, >= 2.5.4)
      rails-dom-testing (~> 1.0, >= 1.0.5)
    actionpack (4.2.8)
      actionview (= 4.2.8)
      activesupport (= 4.2.8)
      rack (~> 1.6)
      rack-test (~> 0.6.2)
      rails-dom-testing (~> 1.0, >= 1.0.5)
      rails-html-sanitizer (~> 1.0, >= 1.0.2)
    actionview (4.2.8)
      activesupport (= 4.2.8)
      builder (~> 3.1)
      erubis (~> 2.7.0)
      rails-dom-testing (~> 1.0, >= 1.0.5)
      rails-html-sanitizer (~> 1.0, >= 1.0.3)
    active_model_serializers (0.8.1)
      activemodel (>= 3.0)
    activejob (4.2.8)
      activesupport (= 4.2.8)
      globalid (>= 0.3.0)
    activemodel (4.2.8)
      activesupport (= 4.2.8)
      builder (~> 3.1)
    activerecord (4.2.8)
      activemodel (= 4.2.8)
      activesupport (= 4.2.8)
      arel (~> 6.0)
    activesupport (4.2.8)
      i18n (~> 0.7)
      minitest (~> 5.1)
      thread_safe (~> 0.3, >= 0.3.4)
      tzinfo (~> 1.1)
    ansi (1.5.0)
    apipie-rails (0.4.0)
      json
      rails (>= 4.0)
    arel (6.0.4)
    autoprefixer-rails (6.7.6)
      execjs
    bcrypt (3.1.11)
    bootstrap-datepicker-rails (1.3.0.2)
      railties (>= 3.0)
    bootstrap-sass (3.3.7)
      autoprefixer-rails (>= 5.2.1)
      sass (>= 3.3.4)
    bson (4.2.1)
    bson_ext (1.5.1)
    builder (3.2.3)
    byebug (9.0.6)
    cancan (1.6.10)
    coderay (1.1.1)
    coffee-rails (4.2.1)
      coffee-script (>= 2.2.0)
      railties (>= 4.0.0, < 5.2.x)
    coffee-script (2.4.1)
      coffee-script-source
      execjs
    coffee-script-source (1.12.2)
    concurrent-ruby (1.0.5)
    daemons (1.2.4)
    delayed_job (4.1.2)
      activesupport (>= 3.0, < 5.1)
    devise (4.1.1)
      bcrypt (~> 3.0)
      orm_adapter (~> 0.1)
      railties (>= 4.1.0, < 5.1)
      responders
      warden (~> 1.2.3)
    docile (1.1.5)
    domain_name (0.5.20170223)
      unf (>= 0.0.5, < 1.0.0)
    erubis (2.7.0)
    eventmachine (1.2.3)
    execjs (2.7.0)
    factory_girl (4.7.0)
      activesupport (>= 3.0.0)
    foreman (0.83.0)
      thor (~> 0.19.1)
    formtastic (3.1.5)
      actionpack (>= 3.2.13)
    git (1.3.0)
    globalid (0.3.7)
      activesupport (>= 4.1.0)
    handlebars_assets (0.23.1)
      execjs (~> 2.0)
      multi_json (~> 1.0)
      sprockets (>= 2.0.0)
      tilt (>= 1.2)
    highline (1.7.8)
    hquery-patient-api (1.0.4)
    http-cookie (1.0.3)
      domain_name (~> 0.5)
    i18n (0.8.1)
    jasmine (2.0.1)
      jasmine-core (~> 2.0.0)
      phantomjs
      rack (>= 1.2.1)
      rake
    jasmine-core (2.0.2)
    jquery-datatables-rails (3.3.0)
      actionpack (>= 3.1)
      jquery-rails
      railties (>= 3.1)
      sass-rails
    jquery-rails (4.2.2)
      rails-dom-testing (>= 1, < 3)
      railties (>= 4.2.0)
      thor (>= 0.14, < 2.0)
    jquery-ui-rails (5.0.5)
      railties (>= 3.2.16)
    json (1.8.6)
    kgio (2.11.0)
    libv8 (3.16.14.19)
    log4r (1.1.10)
    loofah (2.0.3)
      nokogiri (>= 1.5.9)
    macaddr (1.7.1)
      systemu (~> 2.6.2)
    mail (2.6.4)
      mime-types (>= 1.16, < 4)
    memoist (0.9.3)
    metaclass (0.0.4)
    method_source (0.8.2)
    mime-types (2.99.3)
    mini_portile2 (2.1.0)
    minitest (5.10.1)
    mocha (1.2.1)
      metaclass (~> 0.0.1)
    mongo (2.4.1)
      bson (>= 4.2.1, < 5.0.0)
    mongoid (5.0.2)
      activemodel (~> 4.0)
      mongo (~> 2.1)
      origin (~> 2.1)
      tzinfo (>= 0.3.37)
    mongoid-compatibility (0.4.1)
      activesupport
      mongoid (>= 2.0)
    mongoid-tree (2.0.1)
      mongoid (>= 4.0, < 6.0)
    multi_json (1.12.1)
    net-scp (1.2.1)
      net-ssh (>= 2.6.5)
    net-ssh (2.9.1)
    netrc (0.11.0)
    nokogiri (1.6.8.1)
      mini_portile2 (~> 2.1.0)
    non-stupid-digest-assets (1.0.9)
      sprockets (>= 2.0)
    origin (2.3.0)
    orm_adapter (0.5.0)
    phantomjs (2.1.1.0)
    protected_attributes (1.0.9)
      activemodel (>= 4.0.1, < 5.0)
    pry (0.10.4)
      coderay (~> 1.1.0)
      method_source (~> 0.8.1)
      slop (~> 3.4)
    pry-byebug (3.4.2)
      byebug (~> 9.0)
      pry (~> 0.10)
    rack (1.6.5)
    rack-test (0.6.3)
      rack (>= 1.0)
    rails (4.2.8)
      actionmailer (= 4.2.8)
      actionpack (= 4.2.8)
      actionview (= 4.2.8)
      activejob (= 4.2.8)
      activemodel (= 4.2.8)
      activerecord (= 4.2.8)
      activesupport (= 4.2.8)
      bundler (>= 1.3.0, < 2.0)
      railties (= 4.2.8)
      sprockets-rails
    rails-deprecated_sanitizer (1.0.3)
      activesupport (>= 4.2.0.alpha)
    rails-dom-testing (1.0.8)
      activesupport (>= 4.2.0.beta, < 5.0)
      nokogiri (~> 1.6)
      rails-deprecated_sanitizer (>= 1.0.1)
    rails-html-sanitizer (1.0.3)
      loofah (~> 2.0)
    railties (4.2.8)
      actionpack (= 4.2.8)
      activesupport (= 4.2.8)
      rake (>= 0.8.7)
      thor (>= 0.18.1, < 2.0)
    raindrops (0.17.0)
    rake (12.0.0)
    ref (2.0.0)
    responders (2.3.0)
      railties (>= 4.2.0, < 5.1)
    rest-client (1.8.0)
      http-cookie (>= 1.0.2, < 2.0)
      mime-types (>= 1.16, < 3.0)
      netrc (~> 0.7)
    ruby-ole (1.2.12)
    rubyzip (1.2.0)
    sass (3.4.23)
    sass-rails (5.0.6)
      railties (>= 4.0.0, < 6)
      sass (~> 3.1)
      sprockets (>= 2.8, < 4.0)
      sprockets-rails (>= 2.0, < 4.0)
      tilt (>= 1.1, < 3)
    select2-rails (4.0.3)
      thor (~> 0.14)
    simplecov (0.13.0)
      docile (~> 1.1.0)
      json (>= 1.8, < 3)
      simplecov-html (~> 0.10.0)
    simplecov-cobertura (1.2.0)
      json (~> 1.8)
      simplecov (~> 0.8)
    simplecov-html (0.10.0)
    slop (3.6.0)
    spreadsheet (1.0.3)
      ruby-ole (>= 1.0)
    sprockets (3.7.1)
      concurrent-ruby (~> 1.0)
      rack (> 1, < 3)
    sprockets-rails (3.2.0)
      actionpack (>= 4.0)
      activesupport (>= 4.0)
      sprockets (>= 3.0.0)
    sshkit (1.12.0)
      net-scp (>= 1.1.2)
      net-ssh (>= 2.8.0)
    systemu (2.6.5)
    therubyracer (0.12.3)
      libv8 (~> 3.16.14.15)
      ref
    thin (1.7.0)
      daemons (~> 1.0, >= 1.0.9)
      eventmachine (~> 1.0, >= 1.0.4)
      rack (>= 1, < 3)
    thor (0.19.4)
    thread_safe (0.3.6)
    tilt (2.0.6)
    turn (0.9.6)
      ansi
    tzinfo (1.2.2)
      thread_safe (~> 0.1)
    uglifier (1.3.0)
      execjs (>= 0.3.0)
      multi_json (~> 1.0, >= 1.0.2)
    unf (0.1.4)
      unf_ext
    unf_ext (0.0.7.2)
    unicorn (5.2.0)
      kgio (~> 2.6)
      raindrops (~> 0.7)
    uuid (2.3.8)
      macaddr (~> 1.0)
    warden (1.2.7)
      rack (>= 1.0)
    will_paginate (3.1.5)
    zip-zip (0.3)
      rubyzip (>= 1.0.0)

PLATFORMS
  ruby

DEPENDENCIES
  active_model_serializers (= 0.8.1)
  apipie-rails
  bootstrap-datepicker-rails (= 1.3.0.2)
  bootstrap-sass (~> 3.3.5)
  bson_ext (~> 1.5.1)
  cancan
  coffee-rails
  delayed_job_mongoid!
  devise (= 4.1.1)
  factory_girl (= 4.7.0)
  foreman
  formtastic
  git
  handlebars_assets (= 0.23.1)
  health-data-standards!
  highline (~> 1.7.8)
  hqmf2js!
  hquery-patient-api (= 1.0.4)
  jasmine (= 2.0.1)
  jquery-datatables-rails (= 3.3.0)
  jquery-rails
  jquery-ui-rails (~> 5.0.5)
  json
  libv8 (~> 3.16.14.3)
  minitest (~> 5.3)
  mocha
  mongo (~> 2.4.1)
  mongoid (~> 5.0.2)
  net-ssh (= 2.9.1)
  nokogiri (~> 1.6.8)
  non-stupid-digest-assets
  protected_attributes (~> 1.0.9)
  pry
  pry-byebug
  quality-measure-engine!
  rails (~> 4.2.7)
  rubyzip (= 1.2.0)
  sass-rails (~> 5.0.4)
  select2-rails
  simplecov
  simplecov-cobertura
  spreadsheet (= 1.0.3)
  sshkit
  therubyracer (~> 0.12.0)
  thin (= 1.7.0)
  turn
  uglifier (~> 1.3.0)
  unicorn
  will_paginate

BUNDLED WITH
   1.14.6
